GEM
  remote: http://rubygems.org/
  remote: http://gems.github.com/
  specs:
    actionpack (3.2.3)
      activemodel (= 3.2.3)
      activesupport (= 3.2.3)
      builder (~> 3.0.0)
      erubis (~> 2.7.0)
      journey (~> 1.0.1)
      rack (~> 1.4.0)
      rack-cache (~> 1.2)
      rack-test (~> 0.6.1)
      sprockets (~> 2.1.2)
    activemodel (3.2.3)
      activesupport (= 3.2.3)
      builder (~> 3.0.0)
    activesupport (3.2.3)
      i18n (~> 0.6)
      multi_json (~> 1.0)
    builder (3.0.0)
    daemon-kit (0.1.8.2)
      eventmachine (>= 0.12.10)
      safely (>= 0.3.1)
    erubis (2.7.0)
    eventmachine (0.12.10)
    rb-fsevent (0.9.1)
    eventmachine (0.12.10-java)
    hike (1.2.1)
    i18n (0.6.0)
    journey (1.0.3)
    json (1.7.3-java)
    multi_json (1.3.5)
    neo4j (2.0.0-java)
      activemodel (>= 3.0.0, < 3.3)
      neo4j-wrapper (= 2.0.0)
      orm_adapter (>= 0.0.3)
      railties (>= 3.0.0, < 3.3)
    neo4j-community (1.7.0-java)
    neo4j-core (2.0.0-java)
      neo4j-community (>= 1.7.0)
    neo4j-wrapper (2.0.0-java)
      neo4j-core (= 2.0.0)
    orm_adapter (0.0.7)
    rack (1.4.1)
    rack-cache (1.2)
      rack (>= 0.4)
    rack-ssl (1.3.2)
      rack
    rack-test (0.6.1)
      rack (>= 1.0)
    railties (3.2.3)
      actionpack (= 3.2.3)
      activesupport (= 3.2.3)
      rack-ssl (~> 1.3.2)
      rake (>= 0.8.7)
      rdoc (~> 3.4)
      thor (~> 0.14.6)
    rake (0.9.2.2)
    rdoc (3.12)
      json (~> 1.4)
    safely (0.3.1)
    sprockets (2.1.3)
      hike (~> 1.2)
      rack (~> 1.0)
      tilt (~> 1.1, != 1.3.0)
    thor (0.14.6)
    tilt (1.3.3)

PLATFORMS
  java
  ruby

DEPENDENCIES
  daemon-kit
  rb-fsevent
  neo4j
  safely
